GIT
  remote: https://github.com/priya121/core-ttt.git
  revision: 04eac0be47197031dceb6d678f7f0f4fda028be5
  specs:
    core-ttt (0.4.0)

GEM
  remote: https://rubygems.org/
  specs:
    rack (2.0.1)

PLATFORMS
  ruby

DEPENDENCIES
  core-ttt (= 0.4.0)!
  rack

BUNDLED WITH
   1.12.5
