GIT
  remote: https://github.com/priya121/core-ttt.git
  revision: c68d33675d43e1f82f9798cb5cdad918602d38fb
  specs:
    core-ttt (0.5.0)

GEM
  remote: https://rubygems.org/
  specs:
    rack (2.0.1)

PLATFORMS
  ruby

DEPENDENCIES
  core-ttt (= 0.5.0)!
  rack

BUNDLED WITH
   1.12.5
